GEM
  remote: https://rubygems.org/
  specs:
    alsa-rawmidi (0.3.1)
      ffi (~> 1.0)
    analog (0.4.1)
    ffi (1.9.8)
    ffi-coremidi (0.3.7)
      ffi (~> 1.9, >= 1.9.6)
    metaclass (0.0.4)
    midi-eye (0.3.9)
      midi-message (~> 0.4, >= 0.4.4)
      midi-nibbler (~> 0.2, >= 0.2.2)
      unimidi (~> 0.4, >= 0.4.6)
    midi-jruby (0.1.5)
    midi-message (0.4.9)
    midi-nibbler (0.2.3)
      midi-message (~> 0.4, >= 0.4.4)
    midi-winmm (0.1.10)
      ffi (>= 1.0)
    minitest (5.6.1)
    mocha (1.1.0)
      metaclass (~> 0.0.1)
    rake (10.4.2)
    shoulda-context (1.2.1)
    unimidi (0.4.6)
      alsa-rawmidi (~> 0.3, >= 0.3.1)
      ffi-coremidi (~> 0.3, >= 0.3.5)
      midi-jruby (~> 0.1, >= 0.1.4)
      midi-winmm (~> 0.1, >= 0.1.10)

PLATFORMS
  ruby

DEPENDENCIES
  analog (~> 0.3, >= 0.3)
  midi-eye (~> 0.3, >= 0.3.9)
  midi-message (~> 0.4, >= 0.4.7)
  minitest (~> 5.5, >= 5.5.0)
  mocha (~> 1.1, >= 1.1.0)
  rake (~> 10.4, >= 10.4.2)
  shoulda-context (~> 1.2, >= 1.2.1)
  unimidi (~> 0.4, >= 0.4.6)
